GEM
  remote: https://rubygems.org/
  specs:
    awesome_print_motion (0.1.0)
    bubble-wrap (1.3.0)
    rake (10.1.0)
    sugarcube (1.1.0)

PLATFORMS
  ruby

DEPENDENCIES
  awesome_print_motion
  bubble-wrap (~> 1.3.0)
  rake
  sugarcube
